GIT
  remote: https://github.com/HealthDataInsight/way_of_working-changelog-keepachangelog.git
  revision: c4dff8c0928733de8214e78ebf370e21c95a1e5a
  branch: feature/v1.0.0
  specs:
    way_of_working-changelog-keepachangelog (1.0.0)
      way_of_working (~> 2.0)
      zeitwerk (~> 2.6.18)

GIT
  remote: https://github.com/HealthDataInsight/way_of_working-code_linting-hdi.git
  revision: 19e4d964a6db5a2dbc6c9e95d429070dcc09d6e1
  branch: feature/v1.0.0
  specs:
    way_of_working-code_linting-hdi (0.1.0)
      way_of_working (~> 2.0)
      zeitwerk (~> 2.6.18)

GIT
  remote: https://github.com/HealthDataInsight/way_of_working-code_of_conduct-contributor_covenant.git
  revision: 9931d3879769fa62e40480cf2ad271e1b6f64149
  branch: feature/v1.0.0
  specs:
    way_of_working-code_of_conduct-contributor_covenant (0.1.0)
      way_of_working (~> 2.0)
      zeitwerk (~> 2.6.18)

GIT
  remote: https://github.com/HealthDataInsight/way_of_working-decision_record-madr.git
  revision: 0e067c3a80033e7a3a37005b707840c1c164db3a
  branch: feature/v1.0.0
  specs:
    way_of_working-decision_record-madr (0.1.0)
      way_of_working (~> 2.0)
      zeitwerk (~> 2.6.18)

GIT
  remote: https://github.com/HealthDataInsight/way_of_working-inclusive_language-alex.git
  revision: 529812da01a0ca7a083138e9ea5c04c2a965ea66
  branch: feature/v1-release-prep
  specs:
    way_of_working-inclusive_language-alex (1.0.0)
      way_of_working (~> 2.0)

GIT
  remote: https://github.com/HealthDataInsight/way_of_working-pull_request_template-hdi.git
  revision: a8eaa1a5e5dc55635b465989d2aa446602232cc9
  branch: feature/v1.0.0
  specs:
    way_of_working-pull_request_template-hdi (1.0.0)
      way_of_working (~> 2.0)
      zeitwerk (~> 2.6.18)

GIT
  remote: https://github.com/HealthDataInsight/way_of_working.git
  revision: ef0f0c1b6bf90f55d000adae6d0e27cbb9359ec1
  branch: feature/v2-wip
  specs:
    way_of_working (2.0.0)
      activesupport
      git (~> 1.13)
      nokogiri
      rainbow (~> 3.1)
      thor (~> 1.2)
      zeitwerk (~> 2.6.18)

PATH
  remote: .
  specs:
    way_of_working-for-hdi (0.1.0)
      way_of_working
      way_of_working-changelog-keepachangelog
      way_of_working-code_linting-hdi
      way_of_working-code_of_conduct-contributor_covenant
      way_of_working-decision_record-madr
      way_of_working-inclusive_language-alex
      way_of_working-pull_request_template-hdi

GEM
  remote: https://rubygems.org/
  specs:
    activesupport (7.1.4.1)
      base64
      bigdecimal
      concurrent-ruby (~> 1.0, >= 1.0.2)
      connection_pool (>= 2.2.5)
      drb
      i18n (>= 1.6, < 2)
      minitest (>= 5.1)
      mutex_m
      tzinfo (~> 2.0)
    addressable (2.8.7)
      public_suffix (>= 2.0.2, < 7.0)
    ast (2.4.2)
    base64 (0.2.0)
    bigdecimal (3.1.8)
    brakeman (6.2.1)
      racc
    bundler-audit (0.9.2)
      bundler (>= 1.2.0, < 3)
      thor (~> 1.0)
    capistrano (2.15.11)
      highline
      net-scp (>= 1.0.0)
      net-sftp (>= 2.0.0)
      net-ssh (>= 2.0.14)
      net-ssh-gateway (>= 1.1.0)
    capybara (3.40.0)
      addressable
      matrix
      mini_mime (>= 0.1.3)
      nokogiri (~> 1.11)
      rack (>= 1.6.0)
      rack-test (>= 0.6.3)
      regexp_parser (>= 1.5, < 3.0)
      xpath (~> 3.2)
    capybara-screenshot (1.0.26)
      capybara (>= 1.0, < 4)
      launchy
    cgi (0.4.1)
    charlock_holmes (0.7.9)
    childprocess (5.1.0)
      logger (~> 1.5)
    coderay (1.1.3)
    concurrent-ruby (1.3.4)
    connection_pool (2.4.1)
    docile (1.4.1)
    drb (2.2.1)
    git (1.19.1)
      addressable (~> 2.8)
      rchardet (~> 1.8)
    github-linguist (8.0.1)
      cgi
      charlock_holmes (~> 0.7.7)
      mini_mime (~> 1.0)
      rugged (~> 1.0)
    highline (3.1.1)
      reline
    i18n (1.14.6)
      concurrent-ruby (~> 1.0)
    io-console (0.7.2)
    json (2.7.2)
    language_server-protocol (3.17.0.3)
    launchy (3.0.1)
      addressable (~> 2.8)
      childprocess (~> 5.0)
    logger (1.6.1)
    matrix (0.4.2)
    method_source (1.1.0)
    mini_mime (1.1.5)
    minitest (5.25.1)
    mutex_m (0.2.0)
    ndr_dev_support (7.2.4)
      activesupport (>= 6.1, < 7.2)
      brakeman (>= 4.7.1)
      bundler-audit
      capistrano (~> 2.15)
      capybara (>= 3.34)
      capybara-screenshot
      github-linguist
      highline (>= 1.6.0)
      minitest (~> 5.11)
      net-scp (>= 2.0.0)
      parser
      prometheus-client (~> 4.0.0)
      pry
      rainbow
      rubocop (~> 1.7)
      rubocop-rails (~> 2.9)
      rubocop-rake (~> 0.5)
      rugged
      selenium-webdriver (~> 4.8)
      show_me_the_cookies
      simplecov
      unicode-display_width (>= 1.3.3)
      with_clean_rbenv
    net-scp (4.0.0)
      net-ssh (>= 2.6.5, < 8.0.0)
    net-sftp (4.0.0)
      net-ssh (>= 5.0.0, < 8.0.0)
    net-ssh (7.3.0)
    net-ssh-gateway (2.0.0)
      net-ssh (>= 4.0.0)
    nokogiri (1.16.7-aarch64-linux)
      racc (~> 1.4)
    nokogiri (1.16.7-arm-linux)
      racc (~> 1.4)
    nokogiri (1.16.7-arm64-darwin)
      racc (~> 1.4)
    nokogiri (1.16.7-x86-linux)
      racc (~> 1.4)
    nokogiri (1.16.7-x86_64-darwin)
      racc (~> 1.4)
    nokogiri (1.16.7-x86_64-linux)
      racc (~> 1.4)
    parallel (1.26.3)
    parser (3.3.5.0)
      ast (~> 2.4.1)
      racc
    prometheus-client (4.0.0)
    pry (0.14.2)
      coderay (~> 1.1)
      method_source (~> 1.0)
    public_suffix (6.0.1)
    racc (1.8.1)
    rack (3.1.8)
    rack-test (2.1.0)
      rack (>= 1.3)
    rainbow (3.1.1)
    rake (13.2.1)
    rchardet (1.8.0)
    regexp_parser (2.9.2)
    reline (0.5.10)
      io-console (~> 0.5)
    rexml (3.3.8)
    rubocop (1.67.0)
      json (~> 2.3)
      language_server-protocol (>= 3.17.0)
      parallel (~> 1.10)
      parser (>= 3.3.0.2)
      rainbow (>= 2.2.2, < 4.0)
      regexp_parser (>= 2.4, < 3.0)
      rubocop-ast (>= 1.32.2, < 2.0)
      ruby-progressbar (~> 1.7)
      unicode-display_width (>= 2.4.0, < 3.0)
    rubocop-ast (1.32.3)
      parser (>= 3.3.1.0)
    rubocop-rails (2.26.2)
      activesupport (>= 4.2.0)
      rack (>= 1.1)
      rubocop (>= 1.52.0, < 2.0)
      rubocop-ast (>= 1.31.1, < 2.0)
    rubocop-rake (0.6.0)
      rubocop (~> 1.0)
    ruby-progressbar (1.13.0)
    rubyzip (2.3.2)
    rugged (1.7.2)
    selenium-webdriver (4.25.0)
      base64 (~> 0.2)
      logger (~> 1.4)
      rexml (~> 3.2, >= 3.2.5)
      rubyzip (>= 1.2.2, < 3.0)
      websocket (~> 1.0)
    show_me_the_cookies (6.0.0)
      capybara (>= 2, < 4)
    simplecov (0.22.0)
      docile (~> 1.1)
      simplecov-html (~> 0.11)
      simplecov_json_formatter (~> 0.1)
    simplecov-html (0.13.1)
    simplecov_json_formatter (0.1.4)
    thor (1.3.2)
    tzinfo (2.0.6)
      concurrent-ruby (~> 1.0)
    unicode-display_width (2.6.0)
    websocket (1.2.11)
    with_clean_rbenv (0.1.0)
    xpath (3.2.0)
      nokogiri (~> 1.8)
    zeitwerk (2.6.18)

PLATFORMS
  aarch64-linux
  arm-linux
  arm64-darwin
  x86-linux
  x86_64-darwin
  x86_64-linux

DEPENDENCIES
  minitest (~> 5.0)
  ndr_dev_support (>= 3.1.3)
  rake (~> 13.0)
  way_of_working!
  way_of_working-changelog-keepachangelog!
  way_of_working-code_linting-hdi!
  way_of_working-code_of_conduct-contributor_covenant!
  way_of_working-decision_record-madr!
  way_of_working-for-hdi!
  way_of_working-inclusive_language-alex!
  way_of_working-pull_request_template-hdi!

BUNDLED WITH
   2.5.21
